GEM
  remote: https://rubygems.org/
  specs:
    activesupport (7.0.2.3)
      concurrent-ruby (~> 1.0, >= 1.0.2)
      i18n (>= 1.6, < 2)
      minitest (>= 5.1)
      tzinfo (~> 2.0)
    builder (3.2.4)
    concurrent-ruby (1.1.9)
    cucumber (7.1.0)
      builder (~> 3.2, >= 3.2.4)
      cucumber-core (~> 10.1, >= 10.1.0)
      cucumber-create-meta (~> 6.0, >= 6.0.1)
      cucumber-cucumber-expressions (~> 14.0, >= 14.0.0)
      cucumber-gherkin (~> 22.0, >= 22.0.0)
      cucumber-html-formatter (~> 17.0, >= 17.0.0)
      cucumber-messages (~> 17.1, >= 17.1.1)
      cucumber-wire (~> 6.2, >= 6.2.0)
      diff-lcs (~> 1.4, >= 1.4.4)
      mime-types (~> 3.3, >= 3.3.1)
      multi_test (~> 0.1, >= 0.1.2)
      sys-uname (~> 1.2, >= 1.2.2)
    cucumber-core (10.1.1)
      cucumber-gherkin (~> 22.0, >= 22.0.0)
      cucumber-messages (~> 17.1, >= 17.1.1)
      cucumber-tag-expressions (~> 4.1, >= 4.1.0)
    cucumber-create-meta (6.0.4)
      cucumber-messages (~> 17.1, >= 17.1.1)
      sys-uname (~> 1.2, >= 1.2.2)
    cucumber-cucumber-expressions (14.0.0)
    cucumber-gherkin (22.0.0)
      cucumber-messages (~> 17.1, >= 17.1.1)
    cucumber-html-formatter (17.0.0)
      cucumber-messages (~> 17.1, >= 17.1.0)
    cucumber-messages (17.1.1)
    cucumber-tag-expressions (4.1.0)
    cucumber-wire (6.2.1)
      cucumber-core (~> 10.1, >= 10.1.0)
      cucumber-cucumber-expressions (~> 14.0, >= 14.0.0)
    diff-lcs (1.5.0)
    factory_bot (6.2.1)
      activesupport (>= 5.0.0)
    faker (2.20.0)
      i18n (>= 1.8.11, < 2)
    ffi (1.15.5-x64-mingw-ucrt)
    httparty (0.20.0)
      mime-types (~> 3.0)
      multi_xml (>= 0.5.2)
    i18n (1.10.0)
      concurrent-ruby (~> 1.0)
    mime-types (3.4.1)
      mime-types-data (~> 3.2015)
    mime-types-data (3.2022.0105)
    minitest (5.15.0)
    multi_test (0.1.2)
    multi_xml (0.6.0)
    rspec (3.11.0)
      rspec-core (~> 3.11.0)
      rspec-expectations (~> 3.11.0)
      rspec-mocks (~> 3.11.0)
    rspec-core (3.11.0)
      rspec-support (~> 3.11.0)
    rspec-expectations (3.11.0)
      diff-lcs (>= 1.2.0, < 2.0)
      rspec-support (~> 3.11.0)
    rspec-mocks (3.11.0)
      diff-lcs (>= 1.2.0, < 2.0)
      rspec-support (~> 3.11.0)
    rspec-support (3.11.0)
    sys-uname (1.2.2)
      ffi (~> 1.1)
    tzinfo (2.0.4)
      concurrent-ruby (~> 1.0)

PLATFORMS
  x64-mingw-ucrt

DEPENDENCIES
  cucumber
  factory_bot
  faker
  httparty
  rspec

BUNDLED WITH
   2.3.9
